GIT
  remote: https://github.com/versioneye/versioneye-core.git
  revision: e43e42ef34b2b197e162944c0cdd6033c32741c1
  tag: v12.5.11
  specs:
    versioneye-core (12.5.11)
      actionmailer (~> 5.1.0)
      aws-sdk (~> 2.9.1)
      bunny (~> 2.7.0)
      cocoapods-core (~> 0.39.0)
      dalli (~> 2.7.6)
      etcd (~> 0.3.0)
      gemnasium-parser (~> 0.1.9)
      httparty (~> 0.15.4)
      mongoid (~> 6.2.0)
      naturalsorter (~> 3.0.16)
      net-ldap (~> 0.16.0)
      nokogiri (~> 1.8.0)
      oauth (~> 0.5.0)
      octokit (~> 4.7.0)
      pdfkit (~> 0.8.2)
      persistent_httparty (~> 0.1.0)
      semverly (~> 1.0.0)
      stripe (~> 2.3.0)
      tire (~> 0.6.2)
      tomlrb (~> 1.2)
      will_paginate_mongoid (= 2.0.1)
      wkhtmltopdf-binary (~> 0.12.3)

GEM
  remote: http://rubygems.org/
  specs:
    actionmailer (5.1.1)
      actionpack (= 5.1.1)
      actionview (= 5.1.1)
      activejob (= 5.1.1)
      mail (~> 2.5, >= 2.5.4)
      rails-dom-testing (~> 2.0)
    actionpack (5.1.1)
      actionview (= 5.1.1)
      activesupport (= 5.1.1)
      rack (~> 2.0)
      rack-test (~> 0.6.3)
      rails-dom-testing (~> 2.0)
      rails-html-sanitizer (~> 1.0, >= 1.0.2)
    actionview (5.1.1)
      activesupport (= 5.1.1)
      builder (~> 3.1)
      erubi (~> 1.4)
      rails-dom-testing (~> 2.0)
      rails-html-sanitizer (~> 1.0, >= 1.0.3)
    activejob (5.1.1)
      activesupport (= 5.1.1)
      globalid (>= 0.3.6)
    activemodel (5.1.1)
      activesupport (= 5.1.1)
    activesupport (5.1.1)
      concurrent-ruby (~> 1.0, >= 1.0.2)
      i18n (~> 0.7)
      minitest (~> 5.1)
      tzinfo (~> 1.1)
    addressable (2.5.1)
      public_suffix (~> 2.0, >= 2.0.2)
    amq-protocol (2.2.0)
    ansi (1.5.0)
    aws-sdk (2.9.42)
      aws-sdk-resources (= 2.9.42)
    aws-sdk-core (2.9.42)
      aws-sigv4 (~> 1.0)
      jmespath (~> 1.0)
    aws-sdk-resources (2.9.42)
      aws-sdk-core (= 2.9.42)
    aws-sigv4 (1.0.0)
    bson (4.2.1)
    builder (3.2.3)
    bunny (2.7.0)
      amq-protocol (>= 2.2.0)
    cocoapods-core (0.39.0)
      activesupport (>= 4.0.2)
      fuzzy_match (~> 2.0.4)
      nap (~> 1.0)
    concurrent-ruby (1.0.5)
    dalli (2.7.6)
    docile (1.1.5)
    domain_name (0.5.20170404)
      unf (>= 0.0.5, < 1.0.0)
    erubi (1.6.0)
    et-orbi (1.0.4)
      tzinfo
    etcd (0.3.0)
      mixlib-log
    faraday (0.12.1)
      multipart-post (>= 1.2, < 3)
    fuzzy_match (2.0.4)
    gemnasium-parser (0.1.9)
    gene_pool (1.4.1)
      thread_safe
    globalid (0.4.0)
      activesupport (>= 4.2.0)
    hashr (0.0.22)
    http-cookie (1.0.3)
      domain_name (~> 0.5)
    httparty (0.15.5)
      multi_xml (>= 0.5.2)
    i18n (0.8.4)
    jmespath (1.3.1)
    json (2.1.0)
    loofah (2.0.3)
      nokogiri (>= 1.5.9)
    mail (2.6.6)
      mime-types (>= 1.16, < 4)
    mime-types (2.99.3)
    mini_portile2 (2.2.0)
    minitest (5.10.2)
    mixlib-log (1.7.1)
    mongo (2.4.2)
      bson (>= 4.2.1, < 5.0.0)
    mongoid (6.2.0)
      activemodel (~> 5.1)
      mongo (>= 2.4.1, < 3.0.0)
    multi_json (1.12.1)
    multi_xml (0.6.0)
    multipart-post (2.0.0)
    nap (1.1.0)
    naturalsorter (3.0.16)
    net-ldap (0.16.0)
    netrc (0.11.0)
    nokogiri (1.8.0)
      mini_portile2 (~> 2.2.0)
    oauth (0.5.3)
    octokit (4.7.0)
      sawyer (~> 0.8.0, >= 0.5.3)
    pdfkit (0.8.2)
    persistent_http (1.0.6)
      gene_pool (>= 1.3)
    persistent_httparty (0.1.2)
      httparty (~> 0.9)
      persistent_http (< 2)
    public_suffix (2.0.5)
    rack (2.0.3)
    rack-test (0.6.3)
      rack (>= 1.0)
    rails-dom-testing (2.0.3)
      activesupport (>= 4.2.0)
      nokogiri (>= 1.6)
    rails-html-sanitizer (1.0.3)
      loofah (~> 2.0)
    rake (12.0.0)
    rest-client (1.8.0)
      http-cookie (>= 1.0.2, < 2.0)
      mime-types (>= 1.16, < 3.0)
      netrc (~> 0.7)
    rufus-scheduler (3.4.0)
      et-orbi (~> 1.0)
    sawyer (0.8.1)
      addressable (>= 2.3.5, < 2.6)
      faraday (~> 0.8, < 1.0)
    semverly (1.0.0)
    shoulda (3.5.0)
      shoulda-context (~> 1.0, >= 1.0.1)
      shoulda-matchers (>= 1.4.1, < 3.0)
    shoulda-context (1.2.2)
    shoulda-matchers (2.8.0)
      activesupport (>= 3.0.0)
    simplecov (0.14.1)
      docile (~> 1.1.0)
      json (>= 1.8, < 3)
      simplecov-html (~> 0.10.0)
    simplecov-html (0.10.1)
    stripe (2.3.0)
      faraday (~> 0.9)
    thread_safe (0.3.6)
    tire (0.6.2)
      activemodel (>= 3.0)
      activesupport
      ansi
      hashr (~> 0.0.19)
      multi_json (~> 1.3)
      rake
      rest-client (~> 1.6)
    tomlrb (1.2.4)
    tzinfo (1.2.3)
      thread_safe (~> 0.1)
    unf (0.1.4)
      unf_ext
    unf_ext (0.0.7.4)
    will_paginate (3.1.6)
    will_paginate_mongoid (2.0.1)
      mongoid
      will_paginate (~> 3.0)
    wkhtmltopdf-binary (0.12.3.1)

PLATFORMS
  ruby

DEPENDENCIES
  bundler (~> 1.15.0)
  bunny (~> 2.7.0)
  rufus-scheduler (= 3.4.0)
  shoulda
  simplecov
  versioneye-core!

BUNDLED WITH
   1.15.1
